GEM
  remote: http://rubygems.org/
  specs:
    diff-lcs (1.1.3)
    logger (1.2.8)
    rspec (2.7.0)
      rspec-core (~> 2.7.0)
      rspec-expectations (~> 2.7.0)
      rspec-mocks (~> 2.7.0)
    rspec-core (2.7.1)
    rspec-expectations (2.7.0)
      diff-lcs (~> 1.1.2)
    rspec-mocks (2.7.0)
    shoulda (2.11.3)

PLATFORMS
  ruby

DEPENDENCIES
  logger
  rspec
  shoulda
